GEM
  remote: https://rubygems.org/
  specs:
    daemons (1.1.9)
    dalli (1.1.4)
    eventmachine (0.12.10)
    faraday (0.8.4)
      multipart-post (~> 1.1)
    httpauth (0.1)
    jsmin (1.0.1)
    json (1.7.5)
    jwt (0.1.4)
      json (>= 1.2.4)
    multi_json (1.3.7)
    multipart-post (1.1.5)
    oauth2 (0.8.0)
      faraday (~> 0.8)
      httpauth (~> 0.1)
      jwt (~> 0.1.4)
      multi_json (~> 1.0)
      rack (~> 1.2)
    rack (1.4.1)
    rack-protection (1.2.0)
      rack
    rack-test (0.6.1)
      rack (>= 1.0)
    sinatra (1.3.2)
      rack (~> 1.3, >= 1.3.6)
      rack-protection (~> 1.2)
      tilt (~> 1.3, >= 1.3.3)
    sinatra-assetpack (0.0.11)
      jsmin
      rack-test
      sinatra
      tilt (>= 1.3.0)
    thin (1.3.1)
      daemons (>= 1.0.9)
      eventmachine (>= 0.12.6)
      rack (>= 1.0.0)
    tilt (1.3.3)

PLATFORMS
  ruby

DEPENDENCIES
  dalli
  json
  oauth2
  sinatra
  sinatra-assetpack
  thin
